GEM
  remote: http://rubygems.org/
  specs:
    fakeweb (1.3.0)
    metaclass (0.0.1)
    mocha (0.11.4)
      metaclass (~> 0.0.1)

PLATFORMS
  ruby

DEPENDENCIES
  fakeweb
  mocha
